GEM
  remote: http://rubygems.org/
  specs:
    bluecloth (2.0.9)
    makers-mark (0.1.1)
      bluecloth (>= 2.0.0)
      nokogiri
    nokogiri (1.4.4)
    open4 (1.0.1)
    slidedown (0.2.0)
      makers-mark
      nokogiri

PLATFORMS
  ruby

DEPENDENCIES
  open4
  slidedown
